GEM
  remote: https://rubygems.org/
  specs:
    alba (2.1.0)
    colorize (0.8.1)

PLATFORMS
  x86_64-linux

DEPENDENCIES
  alba
  colorize

BUNDLED WITH
   2.3.21
